GEM
  remote: https://rubygems.org/
  specs:
    ethon (0.7.3)
      ffi (>= 1.3.0)
    faraday (0.9.1)
      multipart-post (>= 1.2, < 3)
    ffi (1.9.8)
    haml (4.0.6)
      tilt
    hashie (3.4.0)
    inflection (1.0.0)
    json (1.8.2)
    mime-types (2.4.3)
    mixpanel_client (4.1.1)
      typhoeus (~> 0.6.7)
    multi_json (1.11.0)
    multipart-post (2.0.0)
    rack (1.6.0)
    rack-protection (1.5.3)
      rack
    shotgun (0.9.1)
      rack (>= 1.0)
    sinatra (1.4.6)
      rack (~> 1.4)
      rack-protection (~> 1.4)
      tilt (>= 1.3, < 3)
    tilt (1.4.1)
    typhoeus (0.6.9)
      ethon (>= 0.7.1)
    zendesk_api (1.6.1)
      faraday (~> 0.9)
      hashie (>= 1.2, < 4.0)
      inflection
      mime-types
      multi_json
      multipart-post (~> 2.0)

PLATFORMS
  ruby

DEPENDENCIES
  faraday (~> 0.9.1)
  haml
  json
  mixpanel_client
  shotgun
  sinatra (~> 1.4.5)
  zendesk_api
